PATH
  remote: .
  specs:
    camper_van (0.0.6)
      eventmachine (~> 1.0.3)
      firering (~> 1.4.0)
      logging (~> 1.5.1)
      trollop (~> 1.16.2)

GEM
  remote: http://rubygems.org/
  specs:
    addressable (2.3.5)
    cookiejar (0.3.0)
    em-http-request (1.0.3)
      addressable (>= 2.2.3)
      cookiejar
      em-socksify
      eventmachine (>= 1.0.0.beta.4)
      http_parser.rb (>= 0.5.3)
    em-socksify (0.3.0)
      eventmachine (>= 1.0.0.beta.4)
    eventmachine (1.0.3)
    ffi (1.0.11)
    firering (1.4.0)
      em-http-request (~> 1.0.3)
      eventmachine (~> 1.0.3)
      yajl-ruby (~> 0.7.6)
    growl (1.0.3)
    guard (1.0.1)
      ffi (>= 0.5.0)
      thor (~> 0.14.6)
    guard-minitest (0.5.0)
      guard (>= 0.4)
    http_parser.rb (0.6.0)
    little-plugger (1.1.3)
    logging (1.5.2)
      little-plugger (>= 1.1.2)
    rake (0.9.2.2)
    rb-fsevent (0.9.0)
    thor (0.14.6)
    trollop (1.16.2)
    yajl-ruby (0.7.9)

PLATFORMS
  ruby

DEPENDENCIES
  camper_van!
  growl
  guard-minitest
  rake
  rb-fsevent
